PATH
  remote: .
  specs:
    go_gem_yield_within_goroutine (0.1.0)
      go_gem (~> 0.2)

GEM
  remote: https://rubygems.org/
  specs:
    date (3.4.1)
    diff-lcs (1.6.0)
    go_gem (0.7.2)
    io-console (0.8.0)
    irb (1.15.1)
      pp (>= 0.6.0)
      rdoc (>= 4.0.0)
      reline (>= 0.4.2)
    pp (0.6.2)
      prettyprint
    prettyprint (0.2.0)
    psych (5.2.3)
      date
      stringio
    rake (13.2.1)
    rake-compiler (1.2.9)
      rake
    rdoc (6.12.0)
      psych (>= 4.0.0)
    reline (0.6.0)
      io-console (~> 0.5)
    rspec (3.13.0)
      rspec-core (~> 3.13.0)
      rspec-expectations (~> 3.13.0)
      rspec-mocks (~> 3.13.0)
    rspec-core (3.13.3)
      rspec-support (~> 3.13.0)
    rspec-expectations (3.13.3)
      diff-lcs (>= 1.2.0, < 2.0)
      rspec-support (~> 3.13.0)
    rspec-mocks (3.13.2)
      diff-lcs (>= 1.2.0, < 2.0)
      rspec-support (~> 3.13.0)
    rspec-support (3.13.2)
    stringio (3.1.5)

PLATFORMS
  arm64-darwin-24
  ruby

DEPENDENCIES
  go_gem_yield_within_goroutine!
  irb
  rake (~> 13.0)
  rake-compiler
  rspec (~> 3.0)

BUNDLED WITH
   2.6.2
